PATH
  remote: .
  specs:
    capistrano-figaro (1.0.0)
      capistrano (~> 3.1)
      figaro (~> 1.1)

GEM
  remote: https://rubygems.org/
  specs:
    ast (2.4.1)
    capistrano (3.4.0)
      i18n
      rake (>= 10.0.0)
      sshkit (~> 1.3)
    codeclimate-test-reporter (0.4.7)
      simplecov (>= 0.7.1, < 1.0.0)
    colorize (0.7.7)
    docile (1.1.5)
    figaro (1.1.1)
      thor (~> 0.14)
    i18n (0.7.0)
    json (1.8.3)
    minitest (5.7.0)
    net-scp (1.2.1)
      net-ssh (>= 2.6.5)
    net-ssh (2.9.2)
    parallel (1.20.0)
    parser (2.7.2.0)
      ast (~> 2.4.1)
    rainbow (3.0.0)
    rake (10.4.2)
    regexp_parser (1.8.2)
    rexml (3.2.4)
    rubocop (1.2.0)
      parallel (~> 1.10)
      parser (>= 2.7.1.5)
      rainbow (>= 2.2.2, < 4.0)
      regexp_parser (>= 1.8)
      rexml
      rubocop-ast (>= 1.0.1)
      ruby-progressbar (~> 1.7)
      unicode-display_width (>= 1.4.0, < 2.0)
    rubocop-ast (1.1.1)
      parser (>= 2.7.1.5)
    ruby-progressbar (1.10.1)
    simplecov (0.10.0)
      docile (~> 1.1.0)
      json (~> 1.8)
      simplecov-html (~> 0.10.0)
    simplecov-html (0.10.0)
    sshkit (1.7.1)
      colorize (>= 0.7.0)
      net-scp (>= 1.1.2)
      net-ssh (>= 2.8.0)
    thor (0.19.1)
    unicode-display_width (1.7.0)

PLATFORMS
  ruby

DEPENDENCIES
  bundler (~> 1.10)
  capistrano-figaro!
  codeclimate-test-reporter (~> 0.4)
  minitest (~> 5.7)
  rake (~> 10.4)
  rubocop (~> 1.2)

BUNDLED WITH
   1.10.5
